PATH
  remote: .
  specs:
    rack-remote-configuration (0.1.0)
      json (~> 1.8)
      plist (~> 3.1)
      rack (~> 1.4)
      sinatra (~> 1.3)
      sinatra-contrib (~> 1.4)

GEM
  remote: https://rubygems.org/
  specs:
    backports (3.15.0)
    diff-lcs (1.2.4)
    json (1.8.6)
    multi_json (1.13.1)
    plist (3.5.0)
    rack (1.6.11)
    rack-protection (1.5.5)
      rack
    rack-test (1.1.0)
      rack (>= 1.0, < 3)
    rake (10.0.4)
    rspec (2.13.0)
      rspec-core (~> 2.13.0)
      rspec-expectations (~> 2.13.0)
      rspec-mocks (~> 2.13.0)
    rspec-core (2.13.1)
    rspec-expectations (2.13.0)
      diff-lcs (>= 1.1.3, < 2.0)
    rspec-mocks (2.13.1)
    sinatra (1.4.8)
      rack (~> 1.5)
      rack-protection (~> 1.4)
      tilt (>= 1.3, < 3)
    sinatra-contrib (1.4.7)
      backports (>= 2.0)
      multi_json
      rack-protection
      rack-test
      sinatra (~> 1.4.0)
      tilt (>= 1.3, < 3)
    tilt (2.0.9)

PLATFORMS
  ruby

DEPENDENCIES
  rack-remote-configuration!
  rake
  rspec

BUNDLED WITH
   2.0.1
